PATH
  remote: .
  specs:
    foggy-mirror (0.1.0)

GEM
  remote: https://rubygems.org/
  specs:
    ffi (1.15.5)
    mini_magick (4.11.0)
    rake (13.0.6)
    rmagick (4.2.4)
    ruby-vips (2.1.4)
      ffi (~> 1.12)

PLATFORMS
  x86_64-darwin-19
  x86_64-darwin-21

DEPENDENCIES
  foggy-mirror!
  mini_magick
  rake (~> 13.0)
  rmagick
  ruby-vips

BUNDLED WITH
   2.2.21
